PATH
  remote: ../common
  specs:
    dependabot-ruby-common (0.1.0)
      grpc (~> 1.0)

PATH
  remote: .
  specs:
    dependabot-ruby-bundler (0.1.0)

GEM
  remote: https://rubygems.org/
  specs:
    google-protobuf (3.11.4)
    googleapis-common-protos-types (1.0.4)
      google-protobuf (~> 3.0)
    grpc (1.27.0)
      google-protobuf (~> 3.11)
      googleapis-common-protos-types (~> 1.0)

PLATFORMS
  ruby

DEPENDENCIES
  dependabot-ruby-bundler!
  dependabot-ruby-common!

BUNDLED WITH
   1.17.2
