PATH
  remote: ../common
  specs:
    dependagot-ruby-common (0.1.0)
      twirp (~> 1.4)

PATH
  remote: .
  specs:
    dependagot-ruby-bundler (0.1.0)

GEM
  remote: https://rubygems.org/
  specs:
    diff-lcs (1.3)
    docile (1.3.2)
    faraday (1.0.1)
      multipart-post (>= 1.2, < 3)
    google-protobuf (3.11.4)
    multipart-post (2.1.1)
    rack (2.2.2)
    rspec (3.9.0)
      rspec-core (~> 3.9.0)
      rspec-expectations (~> 3.9.0)
      rspec-mocks (~> 3.9.0)
    rspec-core (3.9.1)
      rspec-support (~> 3.9.1)
    rspec-expectations (3.9.1)
      diff-lcs (>= 1.2.0, < 2.0)
      rspec-support (~> 3.9.0)
    rspec-mocks (3.9.1)
      diff-lcs (>= 1.2.0, < 2.0)
      rspec-support (~> 3.9.0)
    rspec-support (3.9.2)
    simplecov (0.18.5)
      docile (~> 1.1)
      simplecov-html (~> 0.11)
    simplecov-html (0.12.2)
    twirp (1.5.0)
      faraday (< 2)
      google-protobuf (~> 3.0, >= 3.0.0)

PLATFORMS
  ruby

DEPENDENCIES
  dependagot-ruby-bundler!
  dependagot-ruby-common!
  rack
  rspec (>= 3.9.0)
  simplecov

BUNDLED WITH
   1.17.2
