GEM
  remote: https://rubygems.org/
  specs:
    grpc-tools (1.27.0)

PLATFORMS
  ruby

DEPENDENCIES
  grpc-tools
